GEM
  remote: https://rubygems.org/
  specs:
    addressable (2.5.2)
      public_suffix (>= 2.0.2, < 4.0)
    buftok (0.2.0)
    colorator (1.1.0)
    domain_name (0.5.20170404)
      unf (>= 0.0.5, < 1.0.0)
    equalizer (0.0.11)
    faraday (0.11.0)
      multipart-post (>= 1.2, < 3)
    ffi (1.9.18)
    forwardable-extended (2.6.0)
    http (2.2.2)
      addressable (~> 2.3)
      http-cookie (~> 1.0)
      http-form_data (~> 1.0.1)
      http_parser.rb (~> 0.6.0)
    http-cookie (1.0.3)
      domain_name (~> 0.5)
    http-form_data (1.0.3)
    http_parser.rb (0.6.0)
    jekyll (3.5.2)
      addressable (~> 2.4)
      colorator (~> 1.0)
      jekyll-sass-converter (~> 1.0)
      jekyll-watch (~> 1.1)
      kramdown (~> 1.3)
      liquid (~> 4.0)
      mercenary (~> 0.3.3)
      pathutil (~> 0.9)
      rouge (~> 1.7)
      safe_yaml (~> 1.0)
    jekyll-feed (0.9.2)
      jekyll (~> 3.3)
    jekyll-paginate-v2 (1.8.1)
      jekyll (~> 3.0)
    jekyll-sass-converter (1.5.0)
      sass (~> 3.4)
    jekyll-watch (1.5.0)
      listen (~> 3.0, < 3.1)
    json (2.1.0)
    kramdown (1.14.0)
    liquid (4.0.0)
    listen (3.0.8)
      rb-fsevent (~> 0.9, >= 0.9.4)
      rb-inotify (~> 0.9, >= 0.9.7)
    memoizable (0.4.2)
      thread_safe (~> 0.3, >= 0.3.1)
    mercenary (0.3.6)
    multipart-post (2.0.0)
    naught (1.1.0)
    pathutil (0.14.0)
      forwardable-extended (~> 2.6)
    public_suffix (3.0.0)
    rb-fsevent (0.10.2)
    rb-inotify (0.9.10)
      ffi (>= 0.5.0, < 2)
    rouge (1.11.1)
    safe_yaml (1.0.4)
    sass (3.5.1)
      sass-listen (~> 4.0.0)
    sass-listen (4.0.0)
      rb-fsevent (~> 0.9, >= 0.9.4)
      rb-inotify (~> 0.9, >= 0.9.7)
    simple_oauth (0.3.1)
    thread_safe (0.3.6)
    twitter (6.1.0)
      addressable (~> 2.5)
      buftok (~> 0.2.0)
      equalizer (= 0.0.11)
      faraday (~> 0.11.0)
      http (~> 2.1)
      http_parser.rb (~> 0.6.0)
      memoizable (~> 0.4.2)
      naught (~> 1.1)
      simple_oauth (~> 0.3.1)
    unf (0.1.4)
      unf_ext
    unf_ext (0.0.7.4)

PLATFORMS
  ruby

DEPENDENCIES
  jekyll (= 3.5.2)
  jekyll-feed (~> 0.6)
  jekyll-paginate-v2
  json (~> 2.1.0)
  safe_yaml (~> 1.0)
  twitter
  tzinfo-data

BUNDLED WITH
   1.15.4
